PATH
  remote: .
  specs:
    payment (0.1.0)
      money

GEM
  remote: https://rubygems.org/
  specs:
    i18n (0.8.1)
    minitest (5.10.1)
    money (6.8.2)
      i18n (>= 0.6.4, < 0.9)
      sixarm_ruby_unaccent (>= 1.1.1, < 2)
    rake (10.5.0)
    sixarm_ruby_unaccent (1.1.1)

PLATFORMS
  ruby

DEPENDENCIES
  bundler (~> 1.14)
  minitest
  payment!
  rake (~> 10.0)

BUNDLED WITH
   1.14.3
